PATH
  remote: .
  specs:
    generate_view_tool (0.1.1)

GEM
  remote: https://rubygems.org/
  specs:
    rake (10.5.0)

PLATFORMS
  ruby

DEPENDENCIES
  bundler (~> 2.0)
  generate_view_tool!
  rake (~> 10.0)

BUNDLED WITH
   2.0.2
